PATH
  remote: .
  specs:
    multimeter (2.0.0.rc3-java)
      metrics-core-jars (~> 3.1, < 4.0.0)

GEM
  remote: https://rubygems.org/
  specs:
    diff-lcs (1.2.5)
    metrics-core-jars (3.1.1-java)
    rack (1.4.1)
    rake (10.4.2)
    rake-compiler (0.9.5)
      rake
    rspec (3.2.0)
      rspec-core (~> 3.2.0)
      rspec-expectations (~> 3.2.0)
      rspec-mocks (~> 3.2.0)
    rspec-core (3.2.1)
      rspec-support (~> 3.2.0)
    rspec-expectations (3.2.0)
      diff-lcs (>= 1.2.0, < 2.0)
      rspec-support (~> 3.2.0)
    rspec-mocks (3.2.1)
      diff-lcs (>= 1.2.0, < 2.0)
      rspec-support (~> 3.2.0)
    rspec-support (3.2.2)
    slf4j-jars (1.7.7-java)

PLATFORMS
  java

DEPENDENCIES
  multimeter!
  rack
  rake-compiler
  rspec
  slf4j-jars
