PATH
  remote: .
  specs:
    multimeter (1.1.6-java)
      json
      metrics-core-jars
      slf4j-jars

GEM
  remote: http://rubygems.org/
  specs:
    diff-lcs (1.1.3)
    json (1.8.0-java)
    metrics-core-jars (3.0.2-java)
    rack (1.4.1)
    rspec (2.11.0)
      rspec-core (~> 2.11.0)
      rspec-expectations (~> 2.11.0)
      rspec-mocks (~> 2.11.0)
    rspec-core (2.11.0)
    rspec-expectations (2.11.1)
      diff-lcs (~> 1.1.3)
    rspec-mocks (2.11.0)
    slf4j-jars (1.6.2-java)

PLATFORMS
  java

DEPENDENCIES
  multimeter!
  rack
  rspec
